PATH
  remote: .
  specs:
    corus (0.0.1)
      activerecord (~> 2.3.12)

GEM
  remote: http://rubygems.org/
  specs:
    activerecord (2.3.18)
      activesupport (= 2.3.18)
    activesupport (2.3.18)
    diff-lcs (1.1.2)
    mocha (0.9.12)
    rake (0.9.2)
    rspec (2.6.0)
      rspec-core (~> 2.6.0)
      rspec-expectations (~> 2.6.0)
      rspec-mocks (~> 2.6.0)
    rspec-core (2.6.4)
    rspec-expectations (2.6.0)
      diff-lcs (~> 1.1.2)
    rspec-mocks (2.6.0)
    sqlite3 (1.3.3)

PLATFORMS
  ruby

DEPENDENCIES
  corus!
  mocha (~> 0.9.12)
  rake (~> 0.9.2)
  rspec (~> 2.6.0)
  sqlite3 (~> 1.3.3)
